GEM
  remote: https://rubygems.org/
  specs:
    byebug (10.0.2)
    coderay (1.1.2)
    diff-lcs (1.3)
    mailparser (0.5.8)
      mmapscanner (~> 0.3)
    method_source (0.9.0)
    mmapscanner (0.3.9)
    null-logger (0.1.5)
    passgen (1.0.2)
    pry (0.11.3)
      coderay (~> 1.1.0)
      method_source (~> 0.9.0)
    pry-byebug (3.6.0)
      byebug (~> 10.0)
      pry (~> 0.10)
    rake (12.3.1)
    rspec (3.7.0)
      rspec-core (~> 3.7.0)
      rspec-expectations (~> 3.7.0)
      rspec-mocks (~> 3.7.0)
    rspec-core (3.7.1)
      rspec-support (~> 3.7.0)
    rspec-expectations (3.7.0)
      diff-lcs (>= 1.2.0, < 2.0)
      rspec-support (~> 3.7.0)
    rspec-mocks (3.7.0)
      diff-lcs (>= 1.2.0, < 2.0)
      rspec-support (~> 3.7.0)
    rspec-support (3.7.1)
    rubyzip (1.2.1)

PLATFORMS
  ruby

DEPENDENCIES
  mailparser (= 0.5.8)
  null-logger (= 0.1.5)
  passgen (= 1.0.2)
  pry (~> 0.11)
  pry-byebug (~> 3.6)
  rake (~> 12.3)
  rspec (~> 3.7)
  rubyzip (= 1.2.1)

BUNDLED WITH
   1.16.1
